GEM
  remote: http://rubygems.org/
  specs:
    json (1.4.6)
    typhoeus (0.2.0)

PLATFORMS
  ruby

DEPENDENCIES
  json
  typhoeus
